GEM
  remote: http://rubygems.org/
  specs:
    actionmailer (2.3.14)
      actionpack (= 2.3.14)
    actionpack (2.3.14)
      activesupport (= 2.3.14)
      rack (~> 1.1.0)
    activerecord (2.3.14)
      activesupport (= 2.3.14)
    activeresource (2.3.14)
      activesupport (= 2.3.14)
    activesupport (2.3.14)
    git (1.2.5)
    jeweler (1.6.4)
      bundler (~> 1.0)
      git (>= 1.2.5)
      rake
    rack (1.1.0)
    rails (2.3.14)
      actionmailer (= 2.3.14)
      actionpack (= 2.3.14)
      activerecord (= 2.3.14)
      activeresource (= 2.3.14)
      activesupport (= 2.3.14)
      rake (>= 0.8.3)
    rake (0.9.2.2)
    rdoc (3.8)
    rspec (1.3.1)
    sqlite3 (1.3.5)
    will_paginate (2.3.16)

PLATFORMS
  ruby

DEPENDENCIES
  activerecord
  jeweler
  rails
  rake
  rdoc
  rspec (~> 1)
  sqlite3
  will_paginate
